PATH
  remote: .
  specs:
    nimbleshop_simply (0.0.1)

GEM
  remote: http://rubygems.org/
  specs:

PLATFORMS
  ruby

DEPENDENCIES
  nimbleshop_simply!
