GIT
  remote: git://github.com/bigbinary/binary_merchant.git
  revision: cec659063082e8b771614a72a7b3f85567006669
  specs:
    binary_merchant (0.0.1)
      activemerchant (= 1.17.0)

GIT
  remote: git://github.com/bigbinary/email_validator.git
  revision: 9bff984da3a7f7dad08f229aa486c7976b9b2107
  specs:
    email_validator (0.0.1)
      activemodel

GIT
  remote: git://github.com/jim/carmen.git
  revision: 9057b5f5ca35f215a19a4a9a50195997e4cbb06c
  specs:
    carmen (1.0.0.pre)

GIT
  remote: git://github.com/neerajdotname/themes_for_rails.git
  revision: f3efda87d9902fad04501d36ed1dac05f4a862b4
  specs:
    themes_for_rails (0.4.3)
      rails (>= 3.0.0)

GIT
  remote: git://github.com/nohupbrasil/minitest-colorize
  revision: 5101f5db36400251bd4ffc66ae4b842290073262
  specs:
    minitest-colorize (0.0.4)
      minitest (~> 2.0)

GIT
  remote: git://github.com/rawongithub/minitest-rails-shoulda.git
  revision: 2bd90c19c5be00aa1718a00293b6899223daf79f
  specs:
    minitest-rails-shoulda (0.0.1)
      minitest-matchers
      minitest-rails
      shoulda-matchers

GIT
  remote: git://github.com/rawongithub/minitest-rails.git
  revision: 1287d6e83f0cf3229f4d9e42fec94914a1330caa
  branch: gemspec
  specs:
    minitest-rails (0.0.5)
      actionpack (~> 3.1)
      activesupport (~> 3.1)
      minitest (~> 2.10)
      railties (~> 3.1)

GIT
  remote: git://github.com/ryanb/nested_form.git
  revision: c5fc50abbed106ab8d5e8434f780ff6270c8ff01
  specs:
    nested_form (0.2.0)

GEM
  remote: http://rubygems.org/
  specs:
    actionmailer (3.2.1)
      actionpack (= 3.2.1)
      mail (~> 2.4.0)
    actionpack (3.2.1)
      activemodel (= 3.2.1)
      activesupport (= 3.2.1)
      builder (~> 3.0.0)
      erubis (~> 2.7.0)
      journey (~> 1.0.1)
      rack (~> 1.4.0)
      rack-cache (~> 1.1)
      rack-test (~> 0.6.1)
      sprockets (~> 2.1.2)
    activemerchant (1.17.0)
      activesupport (>= 2.3.11)
      braintree (>= 2.0.0)
      builder (>= 2.0.0)
      json (>= 1.5.1)
    activemodel (3.2.1)
      activesupport (= 3.2.1)
      builder (~> 3.0.0)
    activerecord (3.2.1)
      activemodel (= 3.2.1)
      activesupport (= 3.2.1)
      arel (~> 3.0.0)
      tzinfo (~> 0.3.29)
    activeresource (3.2.1)
      activemodel (= 3.2.1)
      activesupport (= 3.2.1)
    activesupport (3.2.1)
      i18n (~> 0.6)
      multi_json (~> 1.0)
    addressable (2.2.7)
    admin_data (1.1.16)
      will_paginate (>= 3.0.0)
    airbrake (3.0.9)
      activesupport
      builder
    archive-tar-minitar (0.5.2)
    arel (3.0.0)
    braintree (2.13.4)
      builder (>= 2.0.0)
    builder (3.0.0)
    capybara (1.1.2)
      mime-types (>= 1.16)
      nokogiri (>= 1.3.3)
      rack (>= 1.0.0)
      rack-test (>= 0.5.4)
      selenium-webdriver (~> 2.0)
      xpath (~> 0.1.4)
    capybara_minitest_spec (0.2.1.1)
      capybara
      minitest (~> 2.0)
    carrierwave (0.5.8)
      activesupport (~> 3.0)
    carrierwave-meta (0.0.3)
      activesupport (>= 3.0)
      carrierwave (>= 0.5.7)
      mime-types
    childprocess (0.3.1)
      ffi (~> 1.0.6)
    coffee-rails (3.2.2)
      coffee-script (>= 2.2.0)
      railties (~> 3.2.0)
    coffee-script (2.2.0)
      coffee-script-source
      execjs
    coffee-script-source (1.2.0)
    columnize (0.3.6)
    daemons (1.1.8)
    database_cleaner (0.7.1)
    erubis (2.7.0)
    eventmachine (0.12.10)
    excon (0.6.6)
    execjs (1.3.0)
      multi_json (~> 1.0)
    factory_girl (2.6.0)
      activesupport (>= 2.3.9)
    factory_girl_rails (1.7.0)
      factory_girl (~> 2.6.0)
      railties (>= 3.0.0)
    faraday (0.7.6)
      addressable (~> 2.2)
      multipart-post (~> 1.1)
      rack (~> 1.1)
    ffi (1.0.11)
    fog (0.9.0)
      builder
      excon (~> 0.6.1)
      formatador (>= 0.1.3)
      json
      mime-types
      net-scp (>= 1.0.4)
      net-ssh (>= 2.1.4)
      nokogiri (>= 1.4.4)
      ruby-hmac
    formatador (0.2.1)
    guard (0.10.0)
      ffi (>= 0.5.0)
      thor (~> 0.14.6)
    guard-minitest (0.4.0)
      guard (~> 0.4)
    hashr (0.0.19)
    hike (1.2.1)
    i18n (0.6.0)
    journey (1.0.1)
    json (1.6.5)
    json_pure (1.6.5)
    launchy (2.0.5)
      addressable (~> 2.2.6)
    linecache19 (0.5.12)
      ruby_core_source (>= 0.1.4)
    mail (2.4.1)
      i18n (>= 0.4.0)
      mime-types (~> 1.16)
      treetop (~> 1.4.8)
    mime-types (1.17.2)
    mini_magick (3.4)
      subexec (~> 0.2.1)
    minitest (2.10.1)
    minitest-matchers (1.2.0)
      minitest (>= 2.5.0)
    multi_json (1.1.0)
    multipart-post (1.1.5)
    mustache (0.99.4)
    net-scp (1.0.4)
      net-ssh (>= 1.99.1)
    net-ssh (2.3.0)
    newrelic_rpm (3.3.2)
    nokogiri (1.5.0)
    pg (0.13.1)
    polyglot (0.3.3)
    rack (1.4.1)
    rack-cache (1.1)
      rack (>= 0.4)
    rack-ssl (1.3.2)
      rack
    rack-test (0.6.1)
      rack (>= 1.0)
    rails (3.2.1)
      actionmailer (= 3.2.1)
      actionpack (= 3.2.1)
      activerecord (= 3.2.1)
      activeresource (= 3.2.1)
      activesupport (= 3.2.1)
      bundler (~> 1.0)
      railties (= 3.2.1)
    railties (3.2.1)
      actionpack (= 3.2.1)
      activesupport (= 3.2.1)
      rack-ssl (~> 1.3.2)
      rake (>= 0.8.7)
      rdoc (~> 3.4)
      thor (~> 0.14.6)
    rake (0.9.2.2)
    rb-fsevent (0.9.0)
    rdoc (3.12)
      json (~> 1.4)
    ruby-debug-base19 (0.11.25)
      columnize (>= 0.3.1)
      linecache19 (>= 0.5.11)
      ruby_core_source (>= 0.1.4)
    ruby-debug19 (0.11.6)
      columnize (>= 0.3.1)
      linecache19 (>= 0.5.11)
      ruby-debug-base19 (>= 0.11.19)
    ruby-hmac (0.4.0)
    ruby_core_source (0.1.5)
      archive-tar-minitar (>= 0.5.2)
    rubyzip (0.9.6.1)
    sass (3.1.15)
    sass-rails (3.2.4)
      railties (~> 3.2.0)
      sass (>= 3.1.10)
      tilt (~> 1.3)
    selenium-webdriver (2.13.0)
      childprocess (>= 0.2.1)
      ffi (~> 1.0.9)
      json_pure
      rubyzip
    shoulda-matchers (1.0.0)
    simplecov (0.4.2)
      simplecov-html (~> 0.4.4)
    simplecov-html (0.4.5)
    sprockets (2.1.2)
      hike (~> 1.2)
      rack (~> 1.0)
      tilt (~> 1.1, != 1.3.0)
    sqlite3 (1.3.5)
    state_machine (1.1.2)
    subexec (0.2.1)
    thin (1.3.1)
      daemons (>= 1.0.9)
      eventmachine (>= 0.12.6)
      rack (>= 1.0.0)
    thor (0.14.6)
    tilt (1.3.3)
    treetop (1.4.10)
      polyglot
      polyglot (>= 0.3.1)
    tzinfo (0.3.31)
    uglifier (1.2.3)
      execjs (>= 0.3.0)
      multi_json (>= 1.0.2)
    will_paginate (3.0.3)
    xpath (0.1.4)
      nokogiri (~> 1.3)

PLATFORMS
  ruby

DEPENDENCIES
  activemerchant
  admin_data (= 1.1.16)
  airbrake
  binary_merchant!
  capybara
  capybara_minitest_spec
  carmen!
  carrierwave
  carrierwave-meta
  coffee-rails (~> 3.2.1)
  database_cleaner
  email_validator!
  factory_girl_rails
  faraday
  fog
  guard
  guard-minitest
  hashr
  launchy
  mini_magick
  minitest (~> 2.10.1)
  minitest-colorize!
  minitest-rails!
  minitest-rails-shoulda!
  mustache
  nested_form!
  newrelic_rpm
  pg
  rails (= 3.2.1)
  rb-fsevent
  ruby-debug19
  sass-rails (~> 3.2.3)
  simplecov
  sqlite3
  state_machine
  themes_for_rails!
  thin
  uglifier (>= 1.0.3)
  will_paginate
