GIT
  remote: git://github.com/bigbinary/email_validator.git
  revision: 9bff984da3a7f7dad08f229aa486c7976b9b2107
  specs:
    email_validator (0.0.1)
      activemodel

GIT
  remote: git://github.com/jalada/localtunnel.git
  revision: 619dcaab6fe79aae0e2905b5dca2be1268c119ee
  specs:
    localtunnel (0.3.1)
      json (>= 1.2.4)
      net-ssh (>= 2.0.22)
      net-ssh-gateway (>= 1.0.1)

GIT
  remote: git://github.com/jim/carmen.git
  revision: 9057b5f5ca35f215a19a4a9a50195997e4cbb06c
  specs:
    carmen (1.0.0.pre)

GIT
  remote: git://github.com/lucasefe/themes_for_rails.git
  revision: f4c027f22abe104eae53035bb6ef513875f3579f
  specs:
    themes_for_rails (0.5.0)
      rails (>= 3.0.0)

GIT
  remote: git://github.com/neerajdotname/push2heroku.git
  revision: a3a39894327e61ce8e61a7777876e39ca1b4e662
  specs:
    push2heroku (0.0.2)
      hashr (= 0.0.19)
      heroku

GIT
  remote: git://github.com/nwise/custom_error_message.git
  revision: d469cb6daa59aefe57f4bed72141a6632b15d41a
  specs:
    custom_error_message (0.1.0)

GIT
  remote: git://github.com/rails/strong_parameters.git
  revision: 1e238a2170badcb9a5212e642220d7239246e9b4
  specs:
    strong_parameters (0.1.3)
      actionpack (>= 3.2.0)
      activemodel (>= 3.2.0)

GIT
  remote: git://github.com/ryanb/nested_form.git
  revision: c5fc50abbed106ab8d5e8434f780ff6270c8ff01
  specs:
    nested_form (0.2.0)

PATH
  remote: vendor/engines/authorizedotnet_extension
  specs:
    authorizedotnet_extension (0.0.1)
      rails (~> 3.2.1)

PATH
  remote: vendor/engines/paypal_extension
  specs:
    paypal_extension (0.0.1)
      rails (~> 3.2.1)

PATH
  remote: vendor/engines/splitable_extension
  specs:
    splitable_extension (0.0.1)
      rails (~> 3.2.1)

GEM
  remote: http://rubygems.org/
  specs:
    actionmailer (3.2.1)
      actionpack (= 3.2.1)
      mail (~> 2.4.0)
    actionpack (3.2.1)
      activemodel (= 3.2.1)
      activesupport (= 3.2.1)
      builder (~> 3.0.0)
      erubis (~> 2.7.0)
      journey (~> 1.0.1)
      rack (~> 1.4.0)
      rack-cache (~> 1.1)
      rack-test (~> 0.6.1)
      sprockets (~> 2.1.2)
    activemerchant (1.17.0)
      activesupport (>= 2.3.11)
      braintree (>= 2.0.0)
      builder (>= 2.0.0)
      json (>= 1.5.1)
    activemodel (3.2.1)
      activesupport (= 3.2.1)
      builder (~> 3.0.0)
    activerecord (3.2.1)
      activemodel (= 3.2.1)
      activesupport (= 3.2.1)
      arel (~> 3.0.0)
      tzinfo (~> 0.3.29)
    activeresource (3.2.1)
      activemodel (= 3.2.1)
      activesupport (= 3.2.1)
    activesupport (3.2.1)
      i18n (~> 0.6)
      multi_json (~> 1.0)
    addressable (2.2.7)
    airbrake (3.0.9)
      activesupport
      builder
    american_date (1.0.0)
    archive-tar-minitar (0.5.2)
    arel (3.0.0)
    braintree (2.13.4)
      builder (>= 2.0.0)
    builder (3.0.0)
    capybara (1.1.2)
      mime-types (>= 1.16)
      nokogiri (>= 1.3.3)
      rack (>= 1.0.0)
      rack-test (>= 0.5.4)
      selenium-webdriver (~> 2.0)
      xpath (~> 0.1.4)
    carrierwave (0.5.8)
      activesupport (~> 3.0)
    carrierwave-meta (0.0.3)
      activesupport (>= 3.0)
      carrierwave (>= 0.5.7)
      mime-types
    childprocess (0.3.1)
      ffi (~> 1.0.6)
    coffee-rails (3.2.2)
      coffee-script (>= 2.2.0)
      railties (~> 3.2.0)
    coffee-script (2.2.0)
      coffee-script-source
      execjs
    coffee-script-source (1.2.0)
    columnize (0.3.6)
    commonjs (0.2.5)
    crack (0.3.1)
    daemons (1.1.8)
    database_cleaner (0.7.1)
    erubis (2.7.0)
    eventmachine (0.12.10)
    excon (0.6.6)
    execjs (1.3.0)
      multi_json (~> 1.0)
    factory_girl (2.6.0)
      activesupport (>= 2.3.9)
    factory_girl_rails (1.7.0)
      factory_girl (~> 2.6.0)
      railties (>= 3.0.0)
    faker (1.0.1)
      i18n (~> 0.4)
    fancybox-rails (0.1.4)
      railties (>= 3.1.0)
    faraday (0.7.6)
      addressable (~> 2.2)
      multipart-post (~> 1.1)
      rack (~> 1.1)
    ffi (1.0.11)
    fog (0.9.0)
      builder
      excon (~> 0.6.1)
      formatador (>= 0.1.3)
      json
      mime-types
      net-scp (>= 1.0.4)
      net-ssh (>= 2.1.4)
      nokogiri (>= 1.4.4)
      ruby-hmac
    formatador (0.2.1)
    guard (1.0.1)
      ffi (>= 0.5.0)
      thor (~> 0.14.6)
    guard-minitest (0.5.0)
      guard (>= 0.4)
    hashr (0.0.19)
    heroku (2.25.0)
      launchy (>= 0.3.2)
      netrc (~> 0.7.1)
      rest-client (~> 1.6.1)
      rubyzip
    hike (1.2.1)
    i18n (0.6.0)
    journey (1.0.3)
    json (1.6.6)
    launchy (2.1.0)
      addressable (~> 2.2.6)
    less (2.1.0)
      commonjs (~> 0.2.0)
      therubyracer (~> 0.10.0)
    less-rails (2.2.1)
      actionpack (>= 3.1)
      less (~> 2.1.0)
    libv8 (3.3.10.4)
    linecache19 (0.5.12)
      ruby_core_source (>= 0.1.4)
    mail (2.4.1)
      i18n (>= 0.4.0)
      mime-types (~> 1.16)
      treetop (~> 1.4.8)
    metaclass (0.0.1)
    mime-types (1.18)
    mini_magick (3.4)
      subexec (~> 0.2.1)
    mocha (0.10.4)
      metaclass (~> 0.0.1)
    money (3.7.1)
      i18n (~> 0.4)
    multi_json (1.3.2)
    multipart-post (1.1.5)
    mustache (0.99.4)
    net-scp (1.0.4)
      net-ssh (>= 1.99.1)
    net-ssh (2.3.0)
    net-ssh-gateway (1.1.0)
      net-ssh (>= 1.99.1)
    netrc (0.7.1)
    nokogiri (1.5.0)
    pg (0.13.1)
    polyglot (0.3.3)
    rack (1.4.1)
    rack-cache (1.2)
      rack (>= 0.4)
    rack-ssl (1.3.2)
      rack
    rack-test (0.6.1)
      rack (>= 1.0)
    rails (3.2.1)
      actionmailer (= 3.2.1)
      actionpack (= 3.2.1)
      activerecord (= 3.2.1)
      activeresource (= 3.2.1)
      activesupport (= 3.2.1)
      bundler (~> 1.0)
      railties (= 3.2.1)
    railties (3.2.1)
      actionpack (= 3.2.1)
      activesupport (= 3.2.1)
      rack-ssl (~> 1.3.2)
      rake (>= 0.8.7)
      rdoc (~> 3.4)
      thor (~> 0.14.6)
    rake (0.9.2.2)
    rb-fsevent (0.9.0)
    rdoc (3.12)
      json (~> 1.4)
    rest-client (1.6.7)
      mime-types (>= 1.16)
    ruby-debug-base19 (0.11.25)
      columnize (>= 0.3.1)
      linecache19 (>= 0.5.11)
      ruby_core_source (>= 0.1.4)
    ruby-debug19 (0.11.6)
      columnize (>= 0.3.1)
      linecache19 (>= 0.5.11)
      ruby-debug-base19 (>= 0.11.19)
    ruby-hmac (0.4.0)
    ruby_core_source (0.1.5)
      archive-tar-minitar (>= 0.5.2)
    rubyzip (0.9.7)
    sass (3.1.15)
    sass-rails (3.2.4)
      railties (~> 3.2.0)
      sass (>= 3.1.10)
      tilt (~> 1.3)
    selenium-webdriver (2.20.0)
      childprocess (>= 0.2.5)
      ffi (~> 1.0)
      multi_json (~> 1.0)
      rubyzip
    simplecov (0.4.2)
      simplecov-html (~> 0.4.4)
    simplecov-html (0.4.5)
    sprockets (2.1.2)
      hike (~> 1.2)
      rack (~> 1.0)
      tilt (~> 1.1, != 1.3.0)
    sqlite3 (1.3.5)
    state_machine (1.1.2)
    subexec (0.2.1)
    therubyracer (0.10.1)
      libv8 (~> 3.3.10)
    thin (1.3.1)
      daemons (>= 1.0.9)
      eventmachine (>= 0.12.6)
      rack (>= 1.0.0)
    thor (0.14.6)
    tilt (1.3.3)
    treetop (1.4.10)
      polyglot
      polyglot (>= 0.3.1)
    twitter-bootstrap-rails (2.0.6)
      actionpack (>= 3.1)
      less-rails (~> 2.2.0)
      railties (>= 3.1)
    tzinfo (0.3.31)
    uglifier (1.2.3)
      execjs (>= 0.3.0)
      multi_json (>= 1.0.2)
    vcr (2.0.0)
    webmock (1.8.2)
      addressable (>= 2.2.7)
      crack (>= 0.1.7)
    will_paginate (3.0.3)
    xpath (0.1.4)
      nokogiri (~> 1.3)

PLATFORMS
  ruby

DEPENDENCIES
  activemerchant
  airbrake
  american_date
  authorizedotnet_extension!
  capybara
  carmen!
  carrierwave
  carrierwave-meta
  coffee-rails (~> 3.2.1)
  custom_error_message!
  database_cleaner
  email_validator!
  factory_girl_rails
  faker
  fancybox-rails
  faraday
  fog
  guard
  guard-minitest
  hashr
  launchy
  localtunnel!
  mini_magick
  mocha
  money
  mustache
  nested_form!
  paypal_extension!
  pg
  push2heroku!
  rails (= 3.2.1)
  rb-fsevent
  ruby-debug19
  sass-rails (~> 3.2.3)
  simplecov
  splitable_extension!
  sqlite3
  state_machine
  strong_parameters!
  themes_for_rails!
  thin
  twitter-bootstrap-rails
  uglifier (>= 1.0.3)
  vcr
  webmock
  will_paginate
