GIT
  remote: git://github.com/bigbinary/email_validator.git
  revision: 9bff984da3a7f7dad08f229aa486c7976b9b2107
  specs:
    email_validator (0.0.1)
      activemodel

GIT
  remote: git://github.com/bigbinary/nimbleshop_google_analytics.git
  revision: f47aeb571484d2ac4c855e92cb0b3f4e22caee23
  specs:
    nimbleshop_google_analytics (0.0.1)
      gabba
      net-http-spy

GIT
  remote: git://github.com/jalada/localtunnel.git
  revision: 619dcaab6fe79aae0e2905b5dca2be1268c119ee
  specs:
    localtunnel (0.3.1)
      json (>= 1.2.4)
      net-ssh (>= 2.0.22)
      net-ssh-gateway (>= 1.0.1)

GIT
  remote: git://github.com/jim/carmen.git
  revision: 54a7742f8e93d4398089dbea48b4f696913e5652
  specs:
    carmen (1.0.0.beta2)

GIT
  remote: git://github.com/lucasefe/themes_for_rails.git
  revision: 4022419c0e5ac66e297a751ce167d4172cbbea12
  specs:
    themes_for_rails (0.5.1)
      rails (>= 3.0.0)

GIT
  remote: git://github.com/neerajdotname/push2heroku.git
  revision: a5e7a95979a9f9399b8325662685ea6c9721e037
  specs:
    push2heroku (0.0.2)
      hashr (= 0.0.19)
      heroku (= 2.25.0)

GIT
  remote: git://github.com/nwise/custom_error_message.git
  revision: d469cb6daa59aefe57f4bed72141a6632b15d41a
  specs:
    custom_error_message (0.1.0)

GIT
  remote: git://github.com/rails/strong_parameters.git
  revision: ec7b957bf113240d8cc3ed2017d9866e83e2edf7
  specs:
    strong_parameters (0.1.3)
      actionpack (>= 3.2.0)
      activemodel (>= 3.2.0)
      railties (>= 3.2.0)

GIT
  remote: git://github.com/ryanb/nested_form.git
  revision: c1f792570aa19083e06c60167a10c144eda884a8
  specs:
    nested_form (0.2.1)

PATH
  remote: vendor/engines/nimbleshop_authorizedotnet
  specs:
    nimbleshop_authorizedotnet (0.0.1)
      activemerchant

PATH
  remote: vendor/engines/nimbleshop_cod
  specs:
    nimbleshop_cod (0.0.1)

PATH
  remote: vendor/engines/nimbleshop_paypalwp
  specs:
    nimbleshop_paypalwp (0.0.1)
      activemerchant

PATH
  remote: vendor/engines/nimbleshop_splitable
  specs:
    nimbleshop_splitable (0.0.1)
      activemerchant

GEM
  remote: http://rubygems.org/
  specs:
    actionmailer (3.2.6)
      actionpack (= 3.2.6)
      mail (~> 2.4.4)
    actionpack (3.2.6)
      activemodel (= 3.2.6)
      activesupport (= 3.2.6)
      builder (~> 3.0.0)
      erubis (~> 2.7.0)
      journey (~> 1.0.1)
      rack (~> 1.4.0)
      rack-cache (~> 1.2)
      rack-test (~> 0.6.1)
      sprockets (~> 2.1.3)
    active_utils (1.0.3)
      activesupport (>= 2.3.11)
      i18n
    activemerchant (1.23.0)
      active_utils (>= 1.0.2)
      activesupport (>= 2.3.11)
      builder (>= 2.0.0)
      i18n
      json (>= 1.5.1)
      money
      nokogiri
    activemodel (3.2.6)
      activesupport (= 3.2.6)
      builder (~> 3.0.0)
    activerecord (3.2.6)
      activemodel (= 3.2.6)
      activesupport (= 3.2.6)
      arel (~> 3.0.2)
      tzinfo (~> 0.3.29)
    activeresource (3.2.6)
      activemodel (= 3.2.6)
      activesupport (= 3.2.6)
    activesupport (3.2.6)
      i18n (~> 0.6)
      multi_json (~> 1.0)
    addressable (2.2.8)
    airbrake (3.1.1)
      activesupport
      builder
    american_date (1.0.0)
    arel (3.0.2)
    builder (3.0.0)
    capybara (1.1.2)
      mime-types (>= 1.16)
      nokogiri (>= 1.3.3)
      rack (>= 1.0.0)
      rack-test (>= 0.5.4)
      selenium-webdriver (~> 2.0)
      xpath (~> 0.1.4)
    carrierwave (0.6.2)
      activemodel (>= 3.2.0)
      activesupport (>= 3.2.0)
    carrierwave-meta (0.0.3)
      activesupport (>= 3.0)
      carrierwave (>= 0.5.7)
      mime-types
    childprocess (0.3.2)
      ffi (~> 1.0.6)
    coffee-rails (3.2.2)
      coffee-script (>= 2.2.0)
      railties (~> 3.2.0)
    coffee-script (2.2.0)
      coffee-script-source
      execjs
    coffee-script-source (1.3.3)
    columnize (0.3.6)
    commonjs (0.2.6)
    crack (0.3.1)
    daemons (1.1.8)
    database_cleaner (0.8.0)
    debugger (1.1.4)
      columnize (>= 0.3.1)
      debugger-linecache (~> 1.1.1)
      debugger-ruby_core_source (~> 1.1.3)
    debugger-linecache (1.1.1)
      debugger-ruby_core_source (>= 1.1.1)
    debugger-ruby_core_source (1.1.3)
    delayed_job (3.0.3)
      activesupport (~> 3.0)
    delayed_job_active_record (0.3.2)
      activerecord (> 2.1.0)
      delayed_job (~> 3.0.0)
    delayed_job_admin (1.0.3)
      delayed_job
      rails
    erubis (2.7.0)
    eventmachine (0.12.10)
    excon (0.13.4)
    execjs (1.4.0)
      multi_json (~> 1.0)
    factory_girl (3.3.0)
      activesupport (>= 3.0.0)
    factory_girl_rails (3.3.0)
      factory_girl (~> 3.3.0)
      railties (>= 3.0.0)
    faker (1.0.1)
      i18n (~> 0.4)
    fancybox-rails (0.1.4)
      railties (>= 3.1.0)
    ffi (1.0.11)
    fog (1.3.1)
      builder
      excon (~> 0.13.0)
      formatador (~> 0.2.0)
      mime-types
      multi_json (~> 1.0)
      net-scp (~> 1.0.4)
      net-ssh (>= 2.1.3)
      nokogiri (~> 1.5.0)
      ruby-hmac
    formatador (0.2.3)
    gabba (0.3.0)
    guard (1.0.3)
      ffi (>= 0.5.0)
      thor (>= 0.14.6)
    guard-minitest (0.5.0)
      guard (>= 0.4)
    hashr (0.0.19)
    heroku (2.25.0)
      launchy (>= 0.3.2)
      netrc (~> 0.7.1)
      rest-client (~> 1.6.1)
      rubyzip
    hike (1.2.1)
    i18n (0.6.0)
    journey (1.0.4)
    json (1.7.3)
    launchy (2.1.0)
      addressable (~> 2.2.6)
    less (2.2.1)
      commonjs (~> 0.2.6)
    less-rails (2.2.3)
      actionpack (>= 3.1)
      less (~> 2.2.0)
    libv8 (3.3.10.4)
    libwebsocket (0.1.3)
      addressable
    mail (2.4.4)
      i18n (>= 0.4.0)
      mime-types (~> 1.16)
      treetop (~> 1.4.8)
    metaclass (0.0.1)
    mime-types (1.18)
    mini_magick (3.4)
      subexec (~> 0.2.1)
    mocha (0.11.4)
      metaclass (~> 0.0.1)
    money (5.0.0)
      i18n (~> 0.4)
      json
    multi_json (1.3.6)
    mustache (0.99.4)
    net-http-spy (0.2.1)
    net-scp (1.0.4)
      net-ssh (>= 1.99.1)
    net-ssh (2.5.2)
    net-ssh-gateway (1.1.0)
      net-ssh (>= 1.99.1)
    netrc (0.7.4)
    nokogiri (1.5.3)
    polyglot (0.3.3)
    rack (1.4.1)
    rack-cache (1.2)
      rack (>= 0.4)
    rack-ssl (1.3.2)
      rack
    rack-test (0.6.1)
      rack (>= 1.0)
    rails (3.2.6)
      actionmailer (= 3.2.6)
      actionpack (= 3.2.6)
      activerecord (= 3.2.6)
      activeresource (= 3.2.6)
      activesupport (= 3.2.6)
      bundler (~> 1.0)
      railties (= 3.2.6)
    railties (3.2.6)
      actionpack (= 3.2.6)
      activesupport (= 3.2.6)
      rack-ssl (~> 1.3.2)
      rake (>= 0.8.7)
      rdoc (~> 3.4)
      thor (>= 0.14.6, < 2.0)
    rake (0.9.2.2)
    rb-fsevent (0.9.1)
    rdoc (3.12)
      json (~> 1.4)
    rest-client (1.6.7)
      mime-types (>= 1.16)
    ruby-hmac (0.4.0)
    rubyzip (0.9.8)
    sass (3.1.19)
    sass-rails (3.2.5)
      railties (~> 3.2.0)
      sass (>= 3.1.10)
      tilt (~> 1.3)
    selenium-webdriver (2.22.2)
      childprocess (>= 0.2.5)
      ffi (~> 1.0)
      libwebsocket (~> 0.1.3)
      multi_json (~> 1.0)
      rubyzip
    sprockets (2.1.3)
      hike (~> 1.2)
      rack (~> 1.0)
      tilt (~> 1.1, != 1.3.0)
    sqlite3 (1.3.6)
    state_machine (1.1.2)
    subexec (0.2.2)
    therubyracer (0.10.1)
      libv8 (~> 3.3.10)
    thin (1.3.1)
      daemons (>= 1.0.9)
      eventmachine (>= 0.12.6)
      rack (>= 1.0.0)
    thor (0.15.3)
    tilt (1.3.3)
    treetop (1.4.10)
      polyglot
      polyglot (>= 0.3.1)
    twitter-bootstrap-rails (2.1.0)
      actionpack (>= 3.1)
      less-rails (~> 2.2.2)
      railties (>= 3.1)
      therubyracer (~> 0.10.1)
    tzinfo (0.3.33)
    uglifier (1.2.4)
      execjs (>= 0.3.0)
      multi_json (>= 1.0.2)
    vcr (2.2.0)
    webmock (1.8.7)
      addressable (>= 2.2.7)
      crack (>= 0.1.7)
    will_paginate (3.0.3)
    xpath (0.1.4)
      nokogiri (~> 1.3)

PLATFORMS
  ruby

DEPENDENCIES
  activemerchant
  airbrake
  american_date
  capybara
  carmen!
  carrierwave
  carrierwave-meta
  coffee-rails (~> 3.2.1)
  custom_error_message!
  database_cleaner
  debugger
  delayed_job_active_record
  delayed_job_admin
  email_validator!
  factory_girl_rails
  faker
  fancybox-rails
  fog
  guard (= 1.0.3)
  guard-minitest
  hashr
  launchy
  localtunnel!
  mini_magick
  mocha
  money
  mustache
  nested_form!
  nimbleshop_authorizedotnet!
  nimbleshop_cod!
  nimbleshop_google_analytics!
  nimbleshop_paypalwp!
  nimbleshop_splitable!
  push2heroku!
  rails (= 3.2.6)
  rb-fsevent
  sass-rails (~> 3.2.3)
  selenium-webdriver (~> 2.21)
  sqlite3
  state_machine
  strong_parameters!
  themes_for_rails!
  thin
  twitter-bootstrap-rails
  uglifier (>= 1.0.3)
  vcr
  webmock
  will_paginate
