PATH
  remote: .
  specs:
    nimbleshop_cod (0.0.1)

GEM
  remote: http://rubygems.org/
  specs:

PLATFORMS
  ruby

DEPENDENCIES
  nimbleshop_cod!
